GEM
  remote: https://rubygems.org/
  specs:
    ffi (1.6.0)
    libusb (0.3.4)
      ffi (>= 1.0)
    rubygems-bundler (1.1.1)

PLATFORMS
  ruby

DEPENDENCIES
  libusb
  rubygems-bundler
